GIT
  remote: git://github.com/sinatra/sinatra.git
  revision: 6ce8a94005397695f0fd2cc241cd09fb325dd567
  specs:
    sinatra (1.4.5)
      rack (~> 1.4)
      rack-protection (~> 1.4)
      tilt (>= 1.3, < 3)

GEM
  remote: https://rubygems.org/
  specs:
    rack (1.5.2)
    rack-protection (1.5.3)
      rack
    tilt (2.0.1)

PLATFORMS
  ruby

DEPENDENCIES
  rack (= 1.5.2)
  sinatra!

BUNDLED WITH
   1.10.3
